PATH
  remote: .
  specs:
    rails-angular-strap (2.3.1)

GEM
  remote: https://rubygems.org/
  specs:

PLATFORMS
  ruby

DEPENDENCIES
  rails-angular-strap!

BUNDLED WITH
   1.11.2
